GEM
  remote: https://rubygems.org/
  specs:
    byebug (11.1.3)
    pastel (0.8.0)
      tty-color (~> 0.5)
    simple-rss (1.3.3)
    strings (0.2.0)
      strings-ansi (~> 0.2)
      unicode-display_width (~> 1.5)
      unicode_utils (~> 1.4)
    strings-ansi (0.2.0)
    tty-color (0.6.0)
    tty-pager (0.14.0)
      strings (~> 0.2.0)
      tty-screen (~> 0.8)
    tty-screen (0.8.1)
    unicode-display_width (1.7.0)
    unicode_utils (1.4.0)

PLATFORMS
  ruby

DEPENDENCIES
  byebug
  pastel
  simple-rss
  tty-pager
  tty-screen

BUNDLED WITH
   2.1.4
